GEM
  remote: https://rubygems.org/
  specs:
    table_print (1.5.7)

PLATFORMS
  ruby

DEPENDENCIES
  table_print

BUNDLED WITH
   2.1.4
